GEM
  remote: https://rubygems.org/
  specs:
    mustermann (1.0.3)
    pg (0.21.0)
    rack (2.0.8)
    rack-protection (2.0.7)
      rack
    sinatra (2.0.7)
      mustermann (~> 1.0)
      rack (~> 2.0)
      rack-protection (= 2.0.7)
      tilt (~> 2.0)
    tilt (2.0.10)

PLATFORMS
  ruby

DEPENDENCIES
  pg (~> 0.18)
  sinatra

RUBY VERSION
   ruby 2.6.5p114

BUNDLED WITH
   2.1.2
